GEM
  remote: https://rubygems.org/
  specs:
    actionpack (1.4.0)
    activesupport (3.2.22.5)
      i18n (~> 0.6, >= 0.6.4)
      multi_json (~> 1.0)
    addressable (2.3.8)
    bourbon (4.1.1)
      sass (~> 3.3)
      thor
    chunky_png (1.3.11)
    coderay (1.1.2)
    coffee-script (2.2.0)
      coffee-script-source
      execjs
    coffee-script-source (1.12.2)
    compass (1.0.1)
      chunky_png (~> 1.2)
      compass-core (~> 1.0.1)
      compass-import-once (~> 1.0.5)
      rb-fsevent (>= 0.9.3)
      rb-inotify (>= 0.9)
      sass (>= 3.3.13, < 3.5)
    compass-core (1.0.3)
      multi_json (~> 1.0)
      sass (>= 3.3.0, < 3.5)
    compass-import-once (1.0.5)
      sass (>= 3.2, < 3.5)
    em-websocket (0.5.1)
      eventmachine (>= 0.12.9)
      http_parser.rb (~> 0.6.0)
    eventmachine (1.2.7)
    execjs (1.4.1)
      multi_json (~> 1.0)
    ffi (1.11.1)
    git (1.11.0)
      rchardet (~> 1.8)
    haml (5.1.2)
      temple (>= 0.8.0)
      tilt
    hike (1.2.3)
    htmlcompressor (0.2.0)
    http_parser.rb (0.6.0)
    i18n (0.6.11)
    json (2.2.0)
    kramdown (1.17.0)
    libv8 (3.16.14.19)
    listen (1.3.1)
      rb-fsevent (>= 0.9.3)
      rb-inotify (>= 0.9)
      rb-kqueue (>= 0.2)
    middleman (3.2.2)
      coffee-script (~> 2.2.0)
      compass (>= 0.12.2)
      execjs (~> 1.4.0)
      haml (>= 3.1.6)
      kramdown (~> 1.2)
      middleman-core (= 3.2.2)
      middleman-sprockets (>= 3.1.2)
      sass (>= 3.1.20)
      uglifier (~> 2.4.0)
    middleman-blog (3.5.3)
      addressable (~> 2.3.5)
      middleman-core (~> 3.2)
      tzinfo (>= 0.3.0)
    middleman-core (3.2.2)
      activesupport (~> 3.2.6)
      bundler (~> 1.1)
      i18n (~> 0.6.9)
      listen (~> 1.1)
      rack (>= 1.4.5)
      rack-test (~> 0.6.1)
      thor (>= 0.15.2, < 2.0)
      tilt (~> 1.4.1)
    middleman-gh-pages (0.0.3)
      rake (> 0.9.3)
    middleman-livereload (3.1.1)
      em-websocket (>= 0.2.0)
      middleman-core (>= 3.0.2)
      multi_json (~> 1.0)
      rack-livereload
    middleman-minify-html (3.4.1)
      htmlcompressor (~> 0.2.0)
      middleman-core (>= 3.2)
    middleman-neat (0.0.4)
      bourbon (>= 2.1)
      neat (>= 1.1.0)
    middleman-sprockets (3.3.3)
      middleman-core (>= 3.2)
      sprockets (~> 2.2)
      sprockets-helpers (~> 1.1.0)
      sprockets-sass (~> 1.1.0)
    mini_portile2 (2.4.0)
    multi_json (1.14.1)
    neat (1.7.1)
      bourbon (>= 4.0)
      sass (>= 3.3)
    nokogiri (1.10.4)
      mini_portile2 (~> 2.4.0)
    rack (1.6.11)
    rack-codehighlighter (0.5.1)
      nokogiri (>= 1.4.1)
      rack (>= 1.0.0)
    rack-google-analytics (1.0.0)
      actionpack
      activesupport
    rack-livereload (0.3.17)
      rack
    rack-test (0.6.3)
      rack (>= 1.0)
    rake (13.0.0)
    rb-fsevent (0.10.3)
    rb-inotify (0.10.0)
      ffi (~> 1.0)
    rb-kqueue (0.2.5)
      ffi (>= 0.5.0)
    rchardet (1.8.0)
    ref (2.0.0)
    sass (3.4.25)
    sprockets (2.12.5)
      hike (~> 1.2)
      multi_json (~> 1.0)
      rack (~> 1.0)
      tilt (~> 1.1, != 1.3.0)
    sprockets-helpers (1.1.0)
      sprockets (~> 2.0)
    sprockets-sass (1.1.0)
      sprockets (~> 2.0)
      tilt (~> 1.1)
    temple (0.8.2)
    therubyracer (0.12.3)
      libv8 (~> 3.16.14.15)
      ref
    thor (0.20.3)
    thread_safe (0.3.6)
    tilt (1.4.1)
    tzinfo (1.2.2)
      thread_safe (~> 0.1)
    uglifier (2.4.0)
      execjs (>= 0.3.0)
      json (>= 1.8.0)

PLATFORMS
  ruby

DEPENDENCIES
  actionpack (= 1.4.0)
  activesupport (= 3.2.22.5)
  bourbon (= 4.1.1)
  coderay
  compass (= 1.0.1)
  git
  middleman (= 3.2.2)
  middleman-blog (= 3.5.3)
  middleman-gh-pages (= 0.0.3)
  middleman-livereload (~> 3.1.0)
  middleman-minify-html (= 3.4.1)
  middleman-neat (= 0.0.4)
  neat (= 1.7.1)
  rack-codehighlighter
  rack-google-analytics (= 1.0.0)
  rake
  therubyracer
  tzinfo (= 1.2.2)

BUNDLED WITH
   1.17.3
